GEM
  specs:
    csv (3.1.1)

PLATFORMS
  ruby

DEPENDENCIES
  csv

BUNDLED WITH
   1.17.2
